GEM
  remote: https://rubygems.org/
  specs:
    ejson (1.0.1)
    rake (11.3.0)

PLATFORMS
  ruby

DEPENDENCIES
  ejson
  rake

BUNDLED WITH
   1.13.2
